GEM
  remote: https://rubygems.org/
  specs:
    amatch (0.4.1)
      mize
      tins (~> 1.0)
    bigdecimal (3.1.8)
    chutney (3.7.0)
      amatch (~> 0.4.0)
      cuke_modeler (~> 3.3)
      i18n (>= 1.8.2, < 1.15.0)
      pastel (~> 0.7)
      tty-pie (~> 0.3)
    concurrent-ruby (1.3.3)
    cucumber-gherkin (28.0.0)
      cucumber-messages (>= 19.1.4, < 24)
    cucumber-messages (23.0.0)
    cuke_modeler (3.21.0)
      cucumber-gherkin (< 29.0)
    i18n (1.14.5)
      concurrent-ruby (~> 1.0)
    mize (0.4.1)
      protocol (~> 2.0)
    nio4r (2.7.3)
    pastel (0.8.0)
      tty-color (~> 0.5)
    protocol (2.0.0)
      ruby_parser (~> 3.0)
    puma (6.4.2)
      nio4r (~> 2.0)
    racc (1.8.0)
    rack (3.1.3)
    roda (3.81.0)
      rack
    ruby_parser (3.21.0)
      racc (~> 1.5)
      sexp_processor (~> 4.16)
    sexp_processor (4.17.1)
    sync (0.5.0)
    tins (1.33.0)
      bigdecimal
      sync
    tty-color (0.6.0)
    tty-cursor (0.7.1)
    tty-pie (0.4.0)
      pastel (~> 0.8)
      tty-cursor (~> 0.7)

PLATFORMS
  ruby
  x86_64-linux

DEPENDENCIES
  chutney (~> 3.7)
  puma (~> 6.4)
  roda (~> 3.81)

BUNDLED WITH
   2.5.11
